GIT
  remote: https://github.com/puppetlabs/beaker.git
  revision: 6ddec1705dfe188d44bac408d375a0eb4650669a
  specs:
    beaker (2.14.1)
      aws-sdk (~> 1.57)
      docker-api
      fission (~> 0.4)
      fog (~> 1.25)
      google-api-client (~> 0.8)
      hocon (~> 0.1)
      inifile (~> 2.0)
      json (~> 1.8)
      minitest (~> 5.4)
      net-scp (~> 1.2)
      net-ssh (~> 2.9)
      rbvmomi (~> 1.8)
      rsync (~> 1.0.9)
      unf (~> 0.1)

GIT
  remote: https://github.com/rodjek/rspec-puppet.git
  revision: f69b47ec113d6d27df44f41ef74cdde435af3530
  specs:
    rspec-puppet (2.2.1.pre)
      rspec

GEM
  remote: https://rubygems.org/
  specs:
    CFPropertyList (2.3.1)
    activesupport (4.2.2)
      i18n (~> 0.7)
      json (~> 1.7, >= 1.7.7)
      minitest (~> 5.1)
      thread_safe (~> 0.3, >= 0.3.4)
      tzinfo (~> 1.1)
    addressable (2.3.8)
    autoparse (0.3.3)
      addressable (>= 2.3.1)
      extlib (>= 0.9.15)
      multi_json (>= 1.0.0)
    aws-sdk (1.64.0)
      aws-sdk-v1 (= 1.64.0)
    aws-sdk-v1 (1.64.0)
      json (~> 1.4)
      nokogiri (>= 1.4.4)
    backports (3.6.4)
    beaker-rspec (5.1.0)
      beaker (~> 2.0)
      rspec
      serverspec (~> 2)
      specinfra (~> 2)
    builder (3.2.2)
    celluloid (0.16.0)
      timers (~> 4.0.0)
    coderay (1.1.0)
    diff-lcs (1.2.5)
    docker-api (1.21.4)
      excon (>= 0.38.0)
      json
    domain_name (0.5.24)
      unf (>= 0.0.5, < 1.0.0)
    ethon (0.7.4)
      ffi (>= 1.3.0)
    excon (0.45.3)
    extlib (0.9.16)
    facter (1.7.6)
    faraday (0.9.1)
      multipart-post (>= 1.2, < 3)
    faraday_middleware (0.9.1)
      faraday (>= 0.7.4, < 0.10)
    ffi (1.9.8)
    fission (0.5.0)
      CFPropertyList (~> 2.2)
    fog (1.31.0)
      fog-atmos
      fog-aws (~> 0.0)
      fog-brightbox (~> 0.4)
      fog-core (~> 1.30)
      fog-ecloud
      fog-google (>= 0.0.2)
      fog-json
      fog-local
      fog-powerdns (>= 0.1.1)
      fog-profitbricks
      fog-radosgw (>= 0.0.2)
      fog-riakcs
      fog-sakuracloud (>= 0.0.4)
      fog-serverlove
      fog-softlayer
      fog-storm_on_demand
      fog-terremark
      fog-vmfusion
      fog-voxel
      fog-xml (~> 0.1.1)
      ipaddress (~> 0.5)
      nokogiri (~> 1.5, >= 1.5.11)
    fog-atmos (0.1.0)
      fog-core
      fog-xml
    fog-aws (0.6.0)
      fog-core (~> 1.27)
      fog-json (~> 1.0)
      fog-xml (~> 0.1)
      ipaddress (~> 0.8)
    fog-brightbox (0.7.1)
      fog-core (~> 1.22)
      fog-json
      inflecto (~> 0.0.2)
    fog-core (1.31.1)
      builder
      excon (~> 0.45)
      formatador (~> 0.2)
      mime-types
      net-scp (~> 1.1)
      net-ssh (>= 2.1.3)
    fog-ecloud (0.2.0)
      fog-core
      fog-xml
    fog-google (0.0.6)
      fog-core
      fog-json
      fog-xml
    fog-json (1.0.2)
      fog-core (~> 1.0)
      multi_json (~> 1.10)
    fog-local (0.2.1)
      fog-core (~> 1.27)
    fog-powerdns (0.1.1)
      fog-core (~> 1.27)
      fog-json (~> 1.0)
      fog-xml (~> 0.1)
    fog-profitbricks (0.0.3)
      fog-core
      fog-xml
      nokogiri
    fog-radosgw (0.0.4)
      fog-core (>= 1.21.0)
      fog-json
      fog-xml (>= 0.0.1)
    fog-riakcs (0.1.0)
      fog-core
      fog-json
      fog-xml
    fog-sakuracloud (1.0.1)
      fog-core
      fog-json
    fog-serverlove (0.1.2)
      fog-core
      fog-json
    fog-softlayer (0.4.7)
      fog-core
      fog-json
    fog-storm_on_demand (0.1.1)
      fog-core
      fog-json
    fog-terremark (0.1.0)
      fog-core
      fog-xml
    fog-vmfusion (0.1.0)
      fission
      fog-core
    fog-voxel (0.1.0)
      fog-core
      fog-xml
    fog-xml (0.1.2)
      fog-core
      nokogiri (~> 1.5, >= 1.5.11)
    formatador (0.2.5)
    gh (0.14.0)
      addressable
      backports
      faraday (~> 0.8)
      multi_json (~> 1.0)
      net-http-persistent (>= 2.7)
      net-http-pipeline
    google-api-client (0.8.6)
      activesupport (>= 3.2)
      addressable (~> 2.3)
      autoparse (~> 0.3)
      extlib (~> 0.9)
      faraday (~> 0.9)
      googleauth (~> 0.3)
      launchy (~> 2.4)
      multi_json (~> 1.10)
      retriable (~> 1.4)
      signet (~> 0.6)
    googleauth (0.4.1)
      faraday (~> 0.9)
      jwt (~> 1.4)
      logging (~> 2.0)
      memoist (~> 0.12)
      multi_json (= 1.11)
      signet (~> 0.6)
    guard (2.12.6)
      formatador (>= 0.2.4)
      listen (~> 2.7)
      lumberjack (~> 1.0)
      nenv (~> 0.1)
      notiffany (~> 0.0)
      pry (>= 0.9.12)
      shellany (~> 0.0)
      thor (>= 0.18.1)
    guard-rake (1.0.0)
      guard
      rake
    hiera (1.3.4)
      json_pure
    highline (1.7.2)
    hitimes (1.2.2)
    hocon (0.9.0)
    http-cookie (1.0.2)
      domain_name (~> 0.5)
    i18n (0.7.0)
    inflecto (0.0.2)
    inifile (2.0.2)
    ipaddress (0.8.0)
    json (1.8.3)
    json_pure (1.8.2)
    jwt (1.5.1)
    launchy (2.4.3)
      addressable (~> 2.3)
    listen (2.10.1)
      celluloid (~> 0.16.0)
      rb-fsevent (>= 0.9.3)
      rb-inotify (>= 0.9)
    little-plugger (1.1.3)
    logging (2.0.0)
      little-plugger (~> 1.1)
      multi_json (~> 1.10)
    lumberjack (1.0.9)
    memoist (0.12.0)
    metaclass (0.0.4)
    method_source (0.8.2)
    mime-types (2.6.1)
    mini_portile (0.6.2)
    minitest (5.7.0)
    mocha (1.1.0)
      metaclass (~> 0.0.1)
    multi_json (1.11.0)
    multipart-post (2.0.0)
    nenv (0.2.0)
    net-http-persistent (2.9.4)
    net-http-pipeline (1.0.1)
    net-scp (1.2.1)
      net-ssh (>= 2.6.5)
    net-ssh (2.9.2)
    netrc (0.10.3)
    nokogiri (1.6.6.2)
      mini_portile (~> 0.6.0)
    notiffany (0.0.6)
      nenv (~> 0.1)
      shellany (~> 0.0)
    pry (0.9.12.6)
      coderay (~> 1.0)
      method_source (~> 0.8)
      slop (~> 3.4)
    puppet (3.4.3)
      facter (~> 1.6)
      hiera (~> 1.0)
      rgen (~> 0.6.5)
    puppet-blacksmith (3.3.1)
      puppet (>= 2.7.16)
      rest-client
    puppet-lint (1.1.0)
    puppet-syntax (2.0.0)
      rake
    puppetlabs_spec_helper (0.10.3)
      mocha
      puppet-lint
      puppet-syntax
      rake
      rspec-puppet
    pusher-client (0.6.2)
      json
      websocket (~> 1.0)
    rake (10.4.2)
    rb-fsevent (0.9.5)
    rb-inotify (0.9.5)
      ffi (>= 0.5.0)
    rbvmomi (1.8.2)
      builder
      nokogiri (>= 1.4.1)
      trollop
    rest-client (1.8.0)
      http-cookie (>= 1.0.2, < 2.0)
      mime-types (>= 1.16, < 3.0)
      netrc (~> 0.7)
    retriable (1.4.1)
    rgen (0.6.6)
    rspec (3.3.0)
      rspec-core (~> 3.3.0)
      rspec-expectations (~> 3.3.0)
      rspec-mocks (~> 3.3.0)
    rspec-core (3.3.1)
      rspec-support (~> 3.3.0)
    rspec-expectations (3.3.0)
      diff-lcs (>= 1.2.0, < 2.0)
      rspec-support (~> 3.3.0)
    rspec-its (1.2.0)
      rspec-core (>= 3.0.0)
      rspec-expectations (>= 3.0.0)
    rspec-mocks (3.3.1)
      diff-lcs (>= 1.2.0, < 2.0)
      rspec-support (~> 3.3.0)
    rspec-support (3.3.0)
    rsync (1.0.9)
    serverspec (2.19.0)
      multi_json
      rspec (~> 3.0)
      rspec-its
      specinfra (~> 2.35)
    shellany (0.0.1)
    signet (0.6.1)
      addressable (~> 2.3)
      extlib (~> 0.9)
      faraday (~> 0.9)
      jwt (~> 1.5)
      multi_json (~> 1.10)
    slop (3.6.0)
    specinfra (2.36.4)
      net-scp
      net-ssh
    thor (0.19.1)
    thread_safe (0.3.5)
    timers (4.0.1)
      hitimes
    travis (1.7.7)
      addressable (~> 2.3)
      backports
      faraday (~> 0.9)
      faraday_middleware (~> 0.9, >= 0.9.1)
      gh (~> 0.13)
      highline (~> 1.6)
      launchy (~> 2.1)
      pry (~> 0.9, < 0.10)
      pusher-client (~> 0.4)
      typhoeus (~> 0.6, >= 0.6.8)
    travis-lint (2.0.0)
      json
    trollop (2.1.2)
    typhoeus (0.7.2)
      ethon (>= 0.7.4)
    tzinfo (1.2.2)
      thread_safe (~> 0.1)
    unf (0.1.4)
      unf_ext
    unf_ext (0.0.7.1)
    vagrant-wrapper (2.0.2)
    websocket (1.2.2)

PLATFORMS
  ruby

DEPENDENCIES
  beaker!
  beaker-rspec
  guard-rake
  puppet (~> 3.4.0)
  puppet-blacksmith
  puppet-lint
  puppet-syntax
  puppetlabs_spec_helper
  rake
  rspec-puppet!
  travis
  travis-lint
  vagrant-wrapper

BUNDLED WITH
   1.10.3
